GIT
  remote: git://github.com/jsqu99/spree_flexi_variants.git
  revision: 4ebe5c42d34ac3157f4d8f18b4667a9b65869755
  branch: spree-1-1-stable
  specs:
    spree_flexi_variants (1.0.0)
      carrierwave
      json
      rmagick
      spree_core (~> 1.1.0)

GIT
  remote: git://github.com/spree/spree_gateway.git
  revision: 2fcfb3ffd147b1e74918656304649cea8377fabd
  branch: 1-1-stable
  specs:
    spree_gateway (1.1.0)
      spree_core (~> 1.0)

GIT
  remote: git://github.com/spree/spree_product_groups.git
  revision: fc15293b5ba2f6f1ee5810226940dc0b965d461a
  tag: fc15293b5ba2f6f1ee5810226940dc0b965d461a
  specs:
    spree_product_groups (1.0.0)
      spree (>= 1.1.0, <= 1.3.0)

GEM
  remote: https://rubygems.org/
  specs:
    actionmailer (3.2.2)
      actionpack (= 3.2.2)
      mail (~> 2.4.0)
    actionpack (3.2.2)
      activemodel (= 3.2.2)
      activesupport (= 3.2.2)
      builder (~> 3.0.0)
      erubis (~> 2.7.0)
      journey (~> 1.0.1)
      rack (~> 1.4.0)
      rack-cache (~> 1.1)
      rack-test (~> 0.6.1)
      sprockets (~> 2.1.2)
    active_utils (2.0.1)
      activesupport (>= 2.3.11)
      i18n
    activemerchant (1.20.4)
      active_utils (>= 1.0.2)
      activesupport (>= 2.3.11)
      braintree (>= 2.0.0)
      builder (>= 2.0.0)
      i18n
      json (>= 1.5.1)
      money (<= 3.7.1)
    activemodel (3.2.2)
      activesupport (= 3.2.2)
      builder (~> 3.0.0)
    activerecord (3.2.2)
      activemodel (= 3.2.2)
      activesupport (= 3.2.2)
      arel (~> 3.0.2)
      tzinfo (~> 0.3.29)
    activeresource (3.2.2)
      activemodel (= 3.2.2)
      activesupport (= 3.2.2)
    activesupport (3.2.2)
      i18n (~> 0.6)
      multi_json (~> 1.0)
    acts_as_list (0.1.4)
    akami (1.2.1)
      gyoku (>= 0.4.0)
      nokogiri
    arel (3.0.3)
    aws-sdk (1.3.9)
      httparty (~> 0.7)
      json (~> 1.4)
      nokogiri (>= 1.4.4)
      uuidtools (~> 2.1)
    bcrypt-ruby (3.1.2)
    braintree (2.28.0)
      builder (>= 2.0.0)
    builder (3.0.4)
    cancan (1.6.7)
    carrierwave (0.9.0)
      activemodel (>= 3.2.0)
      activesupport (>= 3.2.0)
      json (>= 1.7)
    climate_control (0.0.3)
      activesupport (>= 3.0)
    cocaine (0.5.3)
      climate_control (>= 0.0.3, < 1.0)
    coffee-rails (3.2.2)
      coffee-script (>= 2.2.0)
      railties (~> 3.2.0)
    coffee-script (2.2.0)
      coffee-script-source
      execjs
    coffee-script-source (1.7.0)
    colorize (0.6.0)
    deface (1.0.0)
      colorize (>= 0.5.8)
      nokogiri (~> 1.6.0)
      rails (>= 3.1)
    devise (2.0.6)
      bcrypt-ruby (~> 3.0)
      orm_adapter (~> 0.0.3)
      railties (~> 3.1)
      warden (~> 1.1.1)
    erubis (2.7.0)
    execjs (2.0.2)
    ffaker (1.12.1)
    gyoku (1.1.1)
      builder (>= 2.1.2)
    highline (1.6.11)
    hike (1.2.3)
    httparty (0.8.3)
      multi_json (~> 1.0)
      multi_xml
    httpi (2.1.0)
      rack
      rubyntlm (~> 0.3.2)
    i18n (0.6.9)
    journey (1.0.4)
    jquery-rails (2.0.3)
      railties (>= 3.1.0, < 5.0)
      thor (~> 0.14)
    json (1.8.1)
    kaminari (0.15.1)
      actionpack (>= 3.0.0)
      activesupport (>= 3.0.0)
    libv8 (3.16.14.3)
    mail (2.4.4)
      i18n (>= 0.4.0)
      mime-types (~> 1.16)
      treetop (~> 1.4.8)
    mime-types (1.25.1)
    mini_portile (0.5.2)
    money (3.7.1)
      i18n (~> 0.4)
    multi_json (1.8.4)
    multi_xml (0.5.5)
    nested_set (1.7.0)
      activerecord (>= 3.0.0)
      railties (>= 3.0.0)
    nokogiri (1.6.1)
      mini_portile (~> 0.5.0)
    nori (2.3.0)
    orm_adapter (0.0.7)
    paperclip (2.8.0)
      activerecord (>= 2.3.0)
      activesupport (>= 2.3.2)
      cocaine (>= 0.0.2)
      mime-types
    polyamorous (0.5.0)
      activerecord (~> 3.0)
    polyglot (0.3.3)
    rabl (0.6.5)
      activesupport (>= 2.3.14)
      multi_json (~> 1.0)
    rack (1.4.5)
    rack-cache (1.2)
      rack (>= 0.4)
    rack-ssl (1.3.3)
      rack
    rack-test (0.6.2)
      rack (>= 1.0)
    rails (3.2.2)
      actionmailer (= 3.2.2)
      actionpack (= 3.2.2)
      activerecord (= 3.2.2)
      activeresource (= 3.2.2)
      activesupport (= 3.2.2)
      bundler (~> 1.0)
      railties (= 3.2.2)
    railties (3.2.2)
      actionpack (= 3.2.2)
      activesupport (= 3.2.2)
      rack-ssl (~> 1.3.2)
      rake (>= 0.8.7)
      rdoc (~> 3.4)
      thor (~> 0.14.6)
    rake (10.1.1)
    ransack (0.6.0)
      actionpack (~> 3.0)
      activerecord (~> 3.0)
      polyamorous (~> 0.5.0)
    rdoc (3.12.2)
      json (~> 1.4)
    ref (1.0.5)
    rmagick (2.13.2)
    rubyntlm (0.3.4)
    sass (3.2.14)
    sass-rails (3.2.6)
      railties (~> 3.2.0)
      sass (>= 3.1.10)
      tilt (~> 1.3)
    savon (2.3.3)
      akami (~> 1.2.0)
      builder (>= 2.1.2)
      gyoku (~> 1.1.0)
      httpi (~> 2.1.0)
      nokogiri (>= 1.4.0)
      nori (~> 2.3.0)
      wasabi (~> 3.2.2)
    spree (1.1.1)
      spree_api (= 1.1.1)
      spree_auth (= 1.1.1)
      spree_cmd (= 1.1.1)
      spree_core (= 1.1.1)
      spree_dash (= 1.1.1)
      spree_promo (= 1.1.1)
      spree_sample (= 1.1.1)
    spree_api (1.1.1)
      rabl (= 0.6.5)
      spree_auth (= 1.1.1)
      spree_core (= 1.1.1)
    spree_auth (1.1.1)
      cancan (= 1.6.7)
      devise (~> 2.0.0)
      spree_core (= 1.1.1)
    spree_cmd (1.1.1)
    spree_core (1.1.1)
      activemerchant (= 1.20.4)
      acts_as_list (= 0.1.4)
      aws-sdk (~> 1.3.4)
      deface (>= 0.8.0)
      ffaker (~> 1.12.0)
      highline (= 1.6.11)
      jquery-rails (~> 2.0.0)
      kaminari (>= 0.13.0)
      nested_set (= 1.7.0)
      paperclip (~> 2.7)
      rails (>= 3.2.2, <= 3.2.3)
      ransack (~> 0.6.0)
      state_machine (= 1.1.2)
      stringex (~> 1.3.2)
    spree_dash (1.1.1)
      httparty (~> 0.8.1)
      spree_auth (= 1.1.1)
      spree_core (= 1.1.1)
    spree_promo (1.1.1)
      spree_auth (= 1.1.1)
      spree_core (= 1.1.1)
    spree_sample (1.1.1)
      spree_core (= 1.1.1)
    spree_skrill (1.0.2)
      spree_core (>= 1.0.0)
    spree_usa_epay (1.0.2)
      savon
      spree_core (>= 1.0.0)
    sprockets (2.1.3)
      hike (~> 1.2)
      rack (~> 1.0)
      tilt (~> 1.1, != 1.3.0)
    sqlite3 (1.3.8)
    state_machine (1.1.2)
    stringex (1.3.3)
    therubyracer (0.12.0)
      libv8 (~> 3.16.14.0)
      ref
    thor (0.14.6)
    tilt (1.4.1)
    treetop (1.4.15)
      polyglot
      polyglot (>= 0.3.1)
    tzinfo (0.3.38)
    uglifier (2.4.0)
      execjs (>= 0.3.0)
      json (>= 1.8.0)
    uuidtools (2.1.4)
    warden (1.1.1)
      rack (>= 1.0)
    wasabi (3.2.3)
      httpi (~> 2.0)
      mime-types (< 2.0.0)
      nokogiri (>= 1.4.0)

PLATFORMS
  ruby

DEPENDENCIES
  coffee-rails (~> 3.2.1)
  execjs
  jquery-rails (~> 2.0.0)
  rails (= 3.2.2)
  sass-rails (~> 3.2.3)
  spree (~> 1.1.1)
  spree_core (~> 1.1.1)
  spree_flexi_variants!
  spree_gateway!
  spree_product_groups!
  spree_skrill
  spree_usa_epay
  sqlite3
  therubyracer
  uglifier (>= 1.0.3)
